GEM
  remote: https://rubygems.org/
  specs:
    dalli (2.7.10)
    rack (2.0.7)

PLATFORMS
  ruby

DEPENDENCIES
  dalli
  rack

BUNDLED WITH
   2.0.1
